GEM
  remote: http://rubygems.org/
  specs:
    mongo (1.2.4)
    mysql (2.8.1)
    net-ssh (2.1.4)
    pg (0.11.0)
    redis (2.2.0)
    yajl-ruby (0.8.2)

PLATFORMS
  ruby

DEPENDENCIES
  mongo
  mysql
  net-ssh
  pg
  redis
  yajl-ruby
