GEM
  remote: http://rubygems.org/
  specs:
    addressable (2.2.4)
    daemons (1.1.2)
    em-http-request (1.0.0.beta.3)
      addressable (>= 2.2.3)
      em-socksify
      eventmachine
      http_parser.rb (>= 0.5.1)
    em-socksify (0.1.0)
      eventmachine
    eventmachine (0.12.10)
    http_parser.rb (0.5.1)
    json_pure (1.5.1)
    nats (0.4.8)
      daemons (>= 1.1.0)
      eventmachine (>= 0.12.10)
      json_pure (>= 1.5.1)
    rack (1.2.2)
    sinatra (1.2.1)
      rack (~> 1.1)
      tilt (< 2.0, >= 1.2.2)
    thin (1.2.11)
      daemons (>= 1.0.9)
      eventmachine (>= 0.12.6)
      rack (>= 1.0.0)
    tilt (1.2.2)
    yajl-ruby (0.8.2)

PLATFORMS
  ruby

DEPENDENCIES
  bundler (~> 1.0.10)
  em-http-request (~> 1.0.0.beta.3)
  http_parser.rb
  nats (>= 0.4.8)
  sinatra
  thin
  yajl-ruby (>= 0.8.1)
