GEM
  remote: http://rubygems.org/
  specs:
    addressable (2.2.6)
    builder (3.0.0)
    ci_reporter (1.6.5)
      builder (>= 2.1.2)
    daemons (1.1.4)
    diff-lcs (1.1.2)
    em-http-request (0.3.0)
      addressable (>= 2.0.0)
      escape_utils
      eventmachine (>= 0.12.9)
    escape_utils (0.2.3)
    eventmachine (0.12.10)
    json (1.5.3)
    mocha (0.9.12)
    rack (1.3.0)
    rcov (0.9.9)
    rspec (2.6.0)
      rspec-core (~> 2.6.0)
      rspec-expectations (~> 2.6.0)
      rspec-mocks (~> 2.6.0)
    rspec-core (2.6.4)
    rspec-expectations (2.6.0)
      diff-lcs (~> 1.1.2)
    rspec-mocks (2.6.0)
    sinatra (1.2.6)
      rack (~> 1.1)
      tilt (< 2.0, >= 1.2.2)
    thin (1.2.11)
      daemons (>= 1.0.9)
      eventmachine (>= 0.12.6)
      rack (>= 1.0.0)
    tilt (1.3.2)
    yajl-ruby (0.8.2)

PLATFORMS
  ruby

DEPENDENCIES
  ci_reporter
  em-http-request
  eventmachine
  json
  mocha
  rcov
  rspec (>= 2.4.0)
  sinatra
  thin
  yajl-ruby
