GEM
  remote: http://rubygems.org/
  specs:
    curb (0.7.15)
    diff-lcs (1.1.2)
    highline (1.6.2)
    json_pure (1.5.3)
    mime-types (1.16)
    rake (0.9.2)
    rcov (0.9.10)
    rest-client (1.6.3)
      mime-types (>= 1.16)
    rspec (2.6.0)
      rspec-core (~> 2.6.0)
      rspec-expectations (~> 2.6.0)
      rspec-mocks (~> 2.6.0)
    rspec-core (2.6.4)
    rspec-expectations (2.6.0)
      diff-lcs (~> 1.1.2)
    rspec-mocks (2.6.0)
    rubyzip2 (2.0.1)
    terminal-table (1.4.2)
    vmc (0.3.12)
      highline (~> 1.6.1)
      json_pure (~> 1.5.1)
      rest-client (< 1.7.0, >= 1.6.1)
      rubyzip2 (~> 2.0.1)
      terminal-table (~> 1.4.2)
    watchr (0.7)

PLATFORMS
  ruby

DEPENDENCIES
  curb
  rake
  rcov
  rspec
  vmc
  watchr
